GEM
  specs:
    gruff (0.7.0)
      rmagick (~> 2.13, >= 2.13.4)
    json (2.0.2)
    rmagick (2.16.0)

PLATFORMS
  ruby

DEPENDENCIES
  gruff
  json

BUNDLED WITH
   1.13.6
